GEM
  remote: https://rubygems.org/
  specs:
    decisiontree (0.5.0)
    distance_measures (0.0.6)
    k_means (0.0.7)
      distance_measures (>= 0.0.0)

PLATFORMS
  ruby

DEPENDENCIES
  decisiontree
  k_means

BUNDLED WITH
   1.13.6
